PATH
  remote: .
  specs:
    redis_rate_limiter (0.0.2)
      redis

GEM
  remote: https://rubygems.org/
  specs:
    diff-lcs (1.2.4)
    mock_redis (0.9.0)
    rake (10.1.0)
    redis (3.0.5)
    rspec (2.14.1)
      rspec-core (~> 2.14.0)
      rspec-expectations (~> 2.14.0)
      rspec-mocks (~> 2.14.0)
    rspec-core (2.14.5)
    rspec-expectations (2.14.3)
      diff-lcs (>= 1.1.3, < 2.0)
    rspec-mocks (2.14.3)

PLATFORMS
  ruby

DEPENDENCIES
  mock_redis
  rake
  redis_rate_limiter!
  rspec (>= 2.9.0)
